GIT
  remote: git://github.com/tomdalling/defstruct.git
  revision: e0fc3722aa9e7035a83d7407367dbf9ef947036c
  specs:
    defstruct (0.0.1)

GEM
  remote: https://rubygems.org/
  specs:
    diff-lcs (1.3)
    gosu (0.12.1-x86-mingw32)
    rspec (3.6.0)
      rspec-core (~> 3.6.0)
      rspec-expectations (~> 3.6.0)
      rspec-mocks (~> 3.6.0)
    rspec-core (3.6.0)
      rspec-support (~> 3.6.0)
    rspec-expectations (3.6.0)
      diff-lcs (>= 1.2.0, < 2.0)
      rspec-support (~> 3.6.0)
    rspec-mocks (3.6.0)
      diff-lcs (>= 1.2.0, < 2.0)
      rspec-support (~> 3.6.0)
    rspec-support (3.6.0)

PLATFORMS
  x86-mingw32

DEPENDENCIES
  defstruct!
  gosu (~> 0.12.1)
  rspec (~> 3.6.0)

BUNDLED WITH
   1.13.7
